GIT
  remote: git://github.com/thoughtbot/paperclip.git
  revision: e703662fd40fe43ec7af76266f1e897e9471a873
  specs:
    paperclip (2.3.10)
      activerecord (>= 2.3.0)
      activesupport (>= 2.3.2)
      cocaine (>= 0.0.2)

GEM
  remote: http://rubygems.org/
  specs:
    abstract (1.0.0)
    actionmailer (3.0.6)
      actionpack (= 3.0.6)
      mail (~> 2.2.15)
    actionpack (3.0.6)
      activemodel (= 3.0.6)
      activesupport (= 3.0.6)
      builder (~> 2.1.2)
      erubis (~> 2.6.6)
      i18n (~> 0.5.0)
      rack (~> 1.2.1)
      rack-mount (~> 0.6.14)
      rack-test (~> 0.5.7)
      tzinfo (~> 0.3.23)
    activemodel (3.0.6)
      activesupport (= 3.0.6)
      builder (~> 2.1.2)
      i18n (~> 0.5.0)
    activerecord (3.0.6)
      activemodel (= 3.0.6)
      activesupport (= 3.0.6)
      arel (~> 2.0.2)
      tzinfo (~> 0.3.23)
    activeresource (3.0.6)
      activemodel (= 3.0.6)
      activesupport (= 3.0.6)
    activesupport (3.0.6)
    arel (2.0.10)
    builder (2.1.2)
    capistrano (2.6.0)
      highline
      net-scp (>= 1.0.0)
      net-sftp (>= 2.0.0)
      net-ssh (>= 2.0.14)
      net-ssh-gateway (>= 1.1.0)
    cocaine (0.0.2)
    devise (1.1.rc0)
      warden (~> 0.10.3)
    dynamic_form (1.1.4)
    erubis (2.6.6)
      abstract (>= 1.0.0)
    highline (1.6.2)
    i18n (0.5.0)
    mail (2.2.19)
      activesupport (>= 2.3.6)
      i18n (>= 0.4.0)
      mime-types (~> 1.16)
      treetop (~> 1.4.8)
    mime-types (1.16)
    net-scp (1.0.4)
      net-ssh (>= 1.99.1)
    net-sftp (2.0.5)
      net-ssh (>= 2.0.9)
    net-ssh (2.1.4)
    net-ssh-gateway (1.1.0)
      net-ssh (>= 1.99.1)
    polyglot (0.3.1)
    rack (1.2.3)
    rack-mount (0.6.14)
      rack (>= 1.0.0)
    rack-test (0.5.7)
      rack (>= 1.0)
    rails (3.0.6)
      actionmailer (= 3.0.6)
      actionpack (= 3.0.6)
      activerecord (= 3.0.6)
      activeresource (= 3.0.6)
      activesupport (= 3.0.6)
      bundler (~> 1.0)
      railties (= 3.0.6)
    railties (3.0.6)
      actionpack (= 3.0.6)
      activesupport (= 3.0.6)
      rake (>= 0.8.7)
      thor (~> 0.14.4)
    rake (0.8.7)
    sqlite3 (1.3.3)
    sqlite3 (1.3.3-x86-mingw32)
    thor (0.14.6)
    treetop (1.4.9)
      polyglot (>= 0.3.1)
    tzinfo (0.3.27)
    warden (0.10.7)
      rack (>= 1.0.0)
    will_paginate (3.0.pre2)

PLATFORMS
  ruby
  x86-mingw32

DEPENDENCIES
  capistrano
  devise (= 1.1.rc0)
  dynamic_form
  paperclip!
  rails (= 3.0.6)
  sqlite3
  will_paginate (= 3.0.pre2)
